{
  "aor": 0.00018073578595317728,
  "aqi": 0.006444951137123745,
  "bids_meta": {
    "AcquisitionMatrixPE": 80,
    "AcquisitionNumber": 1,
    "AcquisitionTime": "14:20:9.402500",
    "BandwidthPerPixelPhaseEncode": 21.552,
    "BaseResolution": 80,
    "BodyPartExamined": "BRAIN",
    "ConsistencyInfo": "N4_VE11C_LATEST_20160120",
    "ConversionSoftware": "dcm2niix",
    "ConversionSoftwareVersion": "v1.0.20180622 (JP2:OpenJPEG) GCC6.1.0",
    "DerivedVendorReportedEchoSpacing": 0.000579993,
    "DeviceSerialNumber": "66012",
    "DwellTime": 3e-06,
    "EchoTime": 0.03,
    "EchoTrainLength": 80,
    "EffectiveEchoSpacing": 0.000579993,
    "FlipAngle": 60,
    "ImageComments": "Unaliased_MB4_PE3_LB",
    "ImageOrientationPatientDICOM": [
      0.998615,
      -0.051745,
      0.00955789,
      0.0523351,
      0.995566,
      -0.0781652
    ],
    "ImageType": [
      "ORIGINAL",
      "PRIMARY",
      "M",
      "MB",
      "ND",
      "MOSAIC"
    ],
    "InPlanePhaseEncodingDirectionDICOM": "COL",
    "InstitutionAddress": "Bd_Pinel_59_Bron_District_FR_69500",
    "InstitutionName": "Cermep",
    "InstitutionalDepartmentName": "Department",
    "MRAcquisitionType": "2D",
    "MagneticFieldStrength": 3,
    "Manufacturer": "Siemens",
    "ManufacturersModelName": "Prisma",
    "Modality": "MR",
    "MultibandAccelerationFactor": 4,
    "PartialFourier": 1,
    "PatientPosition": "HFS",
    "PercentPhaseFOV": 100,
    "PhaseEncodingDirection": "j",
    "PhaseEncodingSteps": 80,
    "PhaseResolution": 1,
    "PixelBandwidth": 2085,
    "ProcedureStepDescription": "HUMAINS_CANDI",
    "ProtocolName": "RUN2_LeakBlockOn_PA",
    "PulseSequenceDetails": "%CustomerSeq%_cmrr_mbep2d_bold",
    "ReceiveCoilActiveElements": "HC1-7;NC1",
    "ReceiveCoilName": "HeadNeck_64",
    "ReconMatrixPE": 80,
    "RepetitionTime": 1,
    "SAR": 0.0479985,
    "ScanOptions": "FS_EXT",
    "ScanningSequence": "EP",
    "SequenceName": "epfid2d1_80",
    "SequenceVariant": "SK_SS",
    "SeriesDescription": "RUN2_LeakBlockOn_PA",
    "SeriesNumber": 26,
    "ShimSetting": [
      -4615,
      -3291,
      4050,
      708,
      99,
      79,
      36,
      -8
    ],
    "SliceThickness": 2.6,
    "SliceTiming": [
      0,
      0.21,
      0.42,
      0.63,
      0.84,
      0.07,
      0.28,
      0.49,
      0.7,
      0.91,
      0.14,
      0.35,
      0.56,
      0.77,
      0,
      0.21,
      0.42,
      0.63,
      0.84,
      0.07,
      0.28,
      0.49,
      0.7,
      0.91,
      0.14,
      0.35,
      0.56,
      0.77,
      0,
      0.21,
      0.42,
      0.63,
      0.84,
      0.07,
      0.28,
      0.49,
      0.7,
      0.91,
      0.14,
      0.35,
      0.56,
      0.77,
      0,
      0.21,
      0.42,
      0.63,
      0.84,
      0.07,
      0.28,
      0.49,
      0.7,
      0.91,
      0.14,
      0.35,
      0.56,
      0.77
    ],
    "SoftwareVersions": "syngo_MR_E11",
    "SpacingBetweenSlices": 2.6,
    "StationName": "AWP66012",
    "TaskName": "Resting_state",
    "TotalReadoutTime": 0.0458194,
    "TxRefAmp": 222.128,
    "dataset": "ds002153",
    "modality": "bold",
    "run_id": 2,
    "subject_id": "01",
    "task_id": "rest"
  },
  "dummy_trs": 2,
  "dvars_nstd": 26.486333856716925,
  "dvars_std": 1.0978400659296492,
  "dvars_vstd": 0.9352209626130654,
  "efc": 0.5474850496290065,
  "fber": 538.183837890625,
  "fd_mean": 0.09561090448237818,
  "fd_num": 1,
  "fd_perc": 0.16722408026755853,
  "fwhm_avg": 2.8478256561075734,
  "fwhm_x": 2.661284712999957,
  "fwhm_y": 2.9582154931220823,
  "fwhm_z": 2.9239767622006805,
  "gcor": 0.0143474,
  "gsr_x": -0.023778332397341728,
  "gsr_y": 0.0817832350730896,
  "provenance": {
    "md5sum": "dec9b1e79c2d64986627609c1f6fc1e6",
    "settings": {
      "fd_thres": 0.2,
      "testing": false
    },
    "software": "mriqc",
    "version": "22.0.6",
    "webapi_port": null,
    "webapi_url": "https://mriqc.nimh.nih.gov/api/v1"
  },
  "size_t": 598,
  "size_x": 80,
  "size_y": 80,
  "size_z": 56,
  "snr": 2.799565212470841,
  "spacing_tr": 1.0,
  "spacing_x": 2.5999999046325684,
  "spacing_y": 2.5999999046325684,
  "spacing_z": 2.6000001430511475,
  "summary_bg_k": 13.79827826335951,
  "summary_bg_mad": 141.19182256825093,
  "summary_bg_mean": 875.0369262695312,
  "summary_bg_median": 356.97406005859375,
  "summary_bg_n": 235134.0,
  "summary_bg_p05": 254.71405029296875,
  "summary_bg_p95": 3644.0515502929666,
  "summary_bg_stdv": 1272.4307861328125,
  "summary_fg_k": 0.6472807316724722,
  "summary_fg_mad": 2976.7119784493702,
  "summary_fg_mean": 8738.203125,
  "summary_fg_median": 8371.6884765625,
  "summary_fg_n": 62977.0,
  "summary_fg_p05": 4641.996875,
  "summary_fg_p95": 14148.175,
  "summary_fg_stdv": 2990.329345703125,
  "tsnr": 48.473480412270874
}