{
  "aor": 0.0005540802675585284,
  "aqi": 0.004469220334448161,
  "bids_meta": {
    "AcquisitionMatrixPE": 80,
    "AcquisitionNumber": 1,
    "AcquisitionTime": "14:08:55.055000",
    "BandwidthPerPixelPhaseEncode": 21.552,
    "BaseResolution": 80,
    "BodyPartExamined": "BRAIN",
    "ConsistencyInfo": "N4_VE11C_LATEST_20160120",
    "ConversionSoftware": "dcm2niix",
    "ConversionSoftwareVersion": "v1.0.20180622 (JP2:OpenJPEG) GCC6.1.0",
    "DerivedVendorReportedEchoSpacing": 0.000579993,
    "DeviceSerialNumber": "66012",
    "DwellTime": 3e-06,
    "EchoTime": 0.03,
    "EchoTrainLength": 80,
    "EffectiveEchoSpacing": 0.000579993,
    "FlipAngle": 60,
    "ImageComments": "Unaliased_MB4_PE3_LB",
    "ImageOrientationPatientDICOM": [
      0.998615,
      -0.051745,
      0.00955789,
      0.0523351,
      0.995566,
      -0.0781652
    ],
    "ImageType": [
      "ORIGINAL",
      "PRIMARY",
      "M",
      "MB",
      "ND",
      "MOSAIC"
    ],
    "InPlanePhaseEncodingDirectionDICOM": "COL",
    "InstitutionAddress": "Bd_Pinel_59_Bron_District_FR_69500",
    "InstitutionName": "Cermep",
    "InstitutionalDepartmentName": "Department",
    "MRAcquisitionType": "2D",
    "MagneticFieldStrength": 3,
    "Manufacturer": "Siemens",
    "ManufacturersModelName": "Prisma",
    "Modality": "MR",
    "MultibandAccelerationFactor": 4,
    "PartialFourier": 1,
    "PatientPosition": "HFS",
    "PercentPhaseFOV": 100,
    "PhaseEncodingDirection": "j",
    "PhaseEncodingSteps": 80,
    "PhaseResolution": 1,
    "PixelBandwidth": 2085,
    "ProcedureStepDescription": "HUMAINS_CANDI",
    "ProtocolName": "RUN1_LeakBlockOn_PA",
    "PulseSequenceDetails": "%CustomerSeq%_cmrr_mbep2d_bold",
    "ReceiveCoilActiveElements": "HC1-7;NC1",
    "ReceiveCoilName": "HeadNeck_64",
    "ReconMatrixPE": 80,
    "RepetitionTime": 1,
    "SAR": 0.0479985,
    "ScanOptions": "FS_EXT",
    "ScanningSequence": "EP",
    "SequenceName": "epfid2d1_80",
    "SequenceVariant": "SK_SS",
    "SeriesDescription": "RUN1_LeakBlockOn_PA",
    "SeriesNumber": 23,
    "ShimSetting": [
      -4615,
      -3291,
      4050,
      708,
      99,
      79,
      36,
      -8
    ],
    "SliceThickness": 2.6,
    "SliceTiming": [
      0,
      0.21,
      0.42,
      0.63,
      0.84,
      0.07,
      0.28,
      0.49,
      0.7,
      0.91,
      0.14,
      0.35,
      0.56,
      0.77,
      0,
      0.21,
      0.42,
      0.63,
      0.84,
      0.07,
      0.28,
      0.49,
      0.7,
      0.91,
      0.14,
      0.35,
      0.56,
      0.77,
      0,
      0.21,
      0.42,
      0.63,
      0.84,
      0.07,
      0.28,
      0.49,
      0.7,
      0.91,
      0.14,
      0.35,
      0.56,
      0.77,
      0,
      0.21,
      0.42,
      0.63,
      0.84,
      0.07,
      0.28,
      0.49,
      0.7,
      0.91,
      0.14,
      0.35,
      0.56,
      0.77
    ],
    "SoftwareVersions": "syngo_MR_E11",
    "SpacingBetweenSlices": 2.6,
    "StationName": "AWP66012",
    "TaskName": "Resting_state",
    "TotalReadoutTime": 0.0458194,
    "TxRefAmp": 222.128,
    "dataset": "ds002153",
    "modality": "bold",
    "run_id": 1,
    "subject_id": "01",
    "task_id": "rest"
  },
  "dummy_trs": 2,
  "dvars_nstd": 28.482158517118968,
  "dvars_std": 1.1928850786097158,
  "dvars_vstd": 0.9752354958291459,
  "efc": 0.545343302815261,
  "fber": 545.923828125,
  "fd_mean": 0.10616517651729565,
  "fd_num": 3,
  "fd_perc": 0.5016722408026756,
  "fwhm_avg": 2.8214423232866284,
  "fwhm_x": 2.6339808658446118,
  "fwhm_y": 2.9547924160734476,
  "fwhm_z": 2.8755536879418253,
  "gcor": 0.0176655,
  "gsr_x": -0.023269832134246826,
  "gsr_y": 0.08092276751995087,
  "provenance": {
    "md5sum": "426db96b7d19e260d085cf392fab5e65",
    "settings": {
      "fd_thres": 0.2,
      "testing": false
    },
    "software": "mriqc",
    "version": "22.0.6",
    "webapi_port": null,
    "webapi_url": "https://mriqc.nimh.nih.gov/api/v1"
  },
  "size_t": 598,
  "size_x": 80,
  "size_y": 80,
  "size_z": 56,
  "snr": 2.803622863472765,
  "spacing_tr": 1.0,
  "spacing_x": 2.5999999046325684,
  "spacing_y": 2.5999999046325684,
  "spacing_z": 2.6000001430511475,
  "summary_bg_k": 14.293214887498415,
  "summary_bg_mad": 143.17029206622772,
  "summary_bg_mean": 870.596435546875,
  "summary_bg_median": 357.16888427734375,
  "summary_bg_n": 235411.0,
  "summary_bg_p05": 252.1688995361328,
  "summary_bg_p95": 3628.012451171875,
  "summary_bg_stdv": 1270.928955078125,
  "summary_fg_k": 0.7177137530374633,
  "summary_fg_mad": 2990.7655706699998,
  "summary_fg_mean": 8820.7197265625,
  "summary_fg_median": 8451.7373046875,
  "summary_fg_n": 62466.0,
  "summary_fg_p05": 4697.759033203125,
  "summary_fg_p95": 14251.34814453125,
  "summary_fg_stdv": 3014.552978515625,
  "tsnr": 53.390610876493156
}