{
  "bids_meta": {
    "AcquisitionMatrixPE": 280,
    "AcquisitionNumber": 1,
    "AcquisitionTime": "13:50:18.282500",
    "BaseResolution": 320,
    "BodyPartExamined": "BRAIN",
    "ConsistencyInfo": "N4_VE11C_LATEST_20160120",
    "ConversionSoftware": "dcm2niix",
    "ConversionSoftwareVersion": "v1.0.20180622 (JP2:OpenJPEG) GCC6.1.0",
    "DeviceSerialNumber": "66012",
    "DwellTime": 8.7e-06,
    "EchoTime": 0.0037,
    "FlipAngle": 8,
    "ImageOrientationPatientDICOM": [
      0.0817355,
      0.996396,
      0.0226866,
      -0.00595083,
      0.0232503,
      -0.999712
    ],
    "ImageType": [
      "ORIGINAL",
      "PRIMARY",
      "M",
      "ND",
      "NORM"
    ],
    "InPlanePhaseEncodingDirectionDICOM": "ROW",
    "InstitutionAddress": "Bd_Pinel_59_Bron_District_FR_69500",
    "InstitutionName": "Cermep",
    "InstitutionalDepartmentName": "Department",
    "InversionTime": 1.1,
    "MRAcquisitionType": "3D",
    "MagneticFieldStrength": 3,
    "Manufacturer": "Siemens",
    "ManufacturersModelName": "Prisma",
    "Modality": "MR",
    "ParallelReductionFactorInPlane": 2,
    "PartialFourier": 1,
    "PatientPosition": "HFS",
    "PercentPhaseFOV": 87.5,
    "PhaseEncodingSteps": 279,
    "PhaseResolution": 1,
    "PixelBandwidth": 180,
    "ProcedureStepDescription": "HUMAINS_CANDI",
    "ProtocolName": "T1_SAG_0.8_p2_TR3000_TI1100",
    "PulseSequenceDetails": "%SiemensSeq%_tfl",
    "ReceiveCoilActiveElements": "HC1-7;NC1,2",
    "ReceiveCoilName": "HeadNeck_64",
    "ReconMatrixPE": 320,
    "RepetitionTime": 3,
    "SAR": 0.0264578,
    "ScanOptions": "IR_WE",
    "ScanningSequence": "GR_IR",
    "SequenceName": "_tfl3d1_16ns",
    "SequenceVariant": "SK_SP_MP",
    "SeriesDescription": "T1_SAG_0.8_p2_TR3000_TI1100",
    "SeriesNumber": 7,
    "ShimSetting": [
      -4631,
      -3353,
      3976,
      311,
      25,
      -256,
      -51,
      -87
    ],
    "SliceThickness": 0.8,
    "SoftwareVersions": "syngo_MR_E11",
    "StationName": "AWP66012",
    "TxRefAmp": 222.128,
    "dataset": "ds002153",
    "modality": "T1w",
    "subject_id": "01"
  },
  "cjv": 0.3765267219558434,
  "cnr": 3.4778334488475466,
  "efc": 0.5586863145002577,
  "fber": 17596.599243856333,
  "fwhm_avg": 3.9660985313080475,
  "fwhm_x": 4.054120710811459,
  "fwhm_y": 4.1008624388923876,
  "fwhm_z": 3.743312444220298,
  "icvs_csf": 0.21098257800250306,
  "icvs_gm": 0.42342708094338494,
  "icvs_wm": 0.365590341054112,
  "inu_med": 0.46147072315216064,
  "inu_range": 0.18805421739816663,
  "provenance": {
    "md5sum": "275bd458e0eeabfd57679aff589809ec",
    "settings": {
      "testing": false
    },
    "software": "mriqc",
    "version": "22.0.6",
    "warnings": {
      "large_rot_frame": true,
      "small_air_mask": false
    },
    "webapi_port": null,
    "webapi_url": "https://mriqc.nimh.nih.gov/api/v1"
  },
  "qi_1": 0.0,
  "qi_2": 0.003388912485160648,
  "rpve_csf": 23.905092564840945,
  "rpve_gm": 12.214379313895916,
  "rpve_wm": 16.229022111806096,
  "size_x": 224,
  "size_y": 280,
  "size_z": 320,
  "snr_csf": 1.6240965688494626,
  "snr_gm": 10.467999109766142,
  "snr_total": 11.7105939413778,
  "snr_wm": 23.03968614551779,
  "snrd_csf": 33.22094725576558,
  "snrd_gm": 110.36437903210532,
  "snrd_total": 99.17998238124102,
  "snrd_wm": 153.95462085585214,
  "spacing_x": 0.8000008463859558,
  "spacing_y": 0.800000011920929,
  "spacing_z": 0.800000011920929,
  "summary_bg_k": 8.778382945466666,
  "summary_bg_mad": 4.255386381833271,
  "summary_bg_mean": 4.959877200651924,
  "summary_bg_median": 2.8702144976705313,
  "summary_bg_n": 4270039.0,
  "summary_bg_p05": 0.0,
  "summary_bg_p95": 19.72463196143508,
  "summary_bg_stdv": 7.375672135410993,
  "summary_csf_k": 0.6045874716570934,
  "summary_csf_mad": 131.3410608828991,
  "summary_csf_mean": 232.51417833095155,
  "summary_csf_median": 215.7840207684785,
  "summary_csf_n": 96759.0,
  "summary_csf_p05": 50.26112454943359,
  "summary_csf_p95": 482.6298048673196,
  "summary_csf_stdv": 132.86334682628515,
  "summary_gm_k": 0.35184044377790524,
  "summary_gm_mad": 64.59868499940883,
  "summary_gm_mean": 717.0419872326361,
  "summary_gm_median": 716.8630464933813,
  "summary_gm_n": 85808.0,
  "summary_gm_p05": 603.5003641154617,
  "summary_gm_p95": 831.5205624792725,
  "summary_gm_stdv": 68.48098302552506,
  "summary_wm_k": 0.3312971599869736,
  "summary_wm_mad": 42.009942250729964,
  "summary_wm_mean": 997.9077994250753,
  "summary_wm_median": 999.9999954365194,
  "summary_wm_n": 439592.0,
  "summary_wm_p05": 923.9285209681839,
  "summary_wm_p95": 1065.4322537593544,
  "summary_wm_stdv": 43.40331945937063,
  "tpm_overlap_csf": 0.12331497995190341,
  "tpm_overlap_gm": 0.44987851322490874,
  "tpm_overlap_wm": 0.5040699204400645,
  "wm2max": 0.9085169790604658
}